GEM
  remote: https://rubygems.org/
  specs:
    addressable (2.8.5)
      public_suffix (>= 2.0.2, < 6.0)
    base64 (0.2.0)
    bootstrap-email (1.4.0)
      htmlbeautifier (~> 1.3)
      nokogiri (~> 1.6)
      premailer (~> 1.7)
      sassc (~> 2.1)
    css_parser (1.14.0)
      addressable
    date (3.3.3)
    ffi (1.15.5)
    htmlbeautifier (1.4.2)
    htmlentities (4.3.4)
    mail (2.8.1)
      mini_mime (>= 0.1.1)
      net-imap
      net-pop
      net-smtp
    midi-smtp-server (3.2.1)
    mini_mime (1.1.2)
    net-imap (0.3.7)
      date
      net-protocol
    net-pop (0.1.2)
      net-protocol
    net-protocol (0.2.1)
      timeout
    net-smtp (0.3.3)
      net-protocol
    nokogiri (1.17.2-x86_64-linux-musl)
      racc (~> 1.4)
    premailer (1.21.0)
      addressable
      css_parser (>= 1.12.0)
      htmlentities (>= 4.0.0)
    public_suffix (5.0.3)
    racc (1.7.1)
    sassc (2.4.0)
      ffi (~> 1.9)
    timeout (0.4.0)

PLATFORMS
  x86_64-linux
  x86_64-linux-musl

DEPENDENCIES
  base64
  bootstrap-email (>= 1.0.0.alpha)
  mail
  midi-smtp-server (>= 3.0.3)
  net-smtp (~> 0.3.2)

BUNDLED WITH
   2.3.5
