GEM
  remote: https://rubygems.org/
  specs:
    addressable (2.8.1)
      public_suffix (>= 2.0.2, < 6.0)
    bootstrap-email (1.3.1)
      htmlbeautifier (~> 1.3)
      nokogiri (~> 1.6)
      premailer (~> 1.7)
      sassc (~> 2.1)
    css_parser (1.12.0)
      addressable
    ffi (1.15.5)
    htmlbeautifier (1.4.2)
    htmlentities (4.3.4)
    mail (2.7.1)
      mini_mime (>= 0.1.1)
    midi-smtp-server (3.0.3)
    mini_mime (1.1.2)
    net-protocol (0.1.3)
      timeout
    net-smtp (0.3.2)
      net-protocol
    nokogiri (1.13.8-x86_64-linux)
      racc (~> 1.4)
    premailer (1.18.0)
      addressable
      css_parser (>= 1.12.0)
      htmlentities (>= 4.0.0)
    public_suffix (5.0.0)
    racc (1.6.0)
    sassc (2.4.0)
      ffi (~> 1.9)
    timeout (0.3.0)

PLATFORMS
  x86_64-linux
  x86_64-linux-musl

DEPENDENCIES
  bootstrap-email (>= 1.0.0.alpha)
  mail
  midi-smtp-server (>= 3.0.3)
  net-smtp (~> 0.3.2)

BUNDLED WITH
   2.3.23
